GEM
  remote: https://rubygems.org/
  specs:
    byebug (10.0.2)
    chunky_png (1.3.11)
    coderay (1.1.2)
    concurrent-ruby (1.1.4)
    deep_merge (1.2.1)
    ffi (1.9.25)
    method_source (0.9.2)
    narray (0.6.1.2)
    narray_ffi (1.4.4)
      ffi (~> 1.9, >= 1.9.3)
      narray (~> 0.6, >= 0.6.0.8)
    oily_png (1.2.1)
      chunky_png (~> 1.3.7)
    opencl_ruby_ffi (1.3.4)
      ffi (~> 1.9, >= 1.9.3)
      narray (~> 0.6, >= 0.6.0.8)
      narray_ffi (~> 1.0, >= 1.0.0)
    pry (0.12.2)
      coderay (~> 1.1.0)
      method_source (~> 0.9.0)
    pry-byebug (3.6.0)
      byebug (~> 10.0)
      pry (~> 0.10)
    tensor_stream (0.9.10)
      chunky_png
      concurrent-ruby
      deep_merge
    tensor_stream-opencl (0.2.4)
      oily_png
      opencl_ruby_ffi
      tensor_stream (~> 0.9.8)

PLATFORMS
  ruby

DEPENDENCIES
  pry-byebug
  tensor_stream
  tensor_stream-opencl

BUNDLED WITH
   1.16.2
